GEM
  remote: https://rubygems.org/
  specs:
    childprocess (3.0.0)
    diff-lcs (1.4.4)
    mini_portile2 (2.4.0)
    nokogiri (1.10.10)
      mini_portile2 (~> 2.4.0)
    regexp_parser (1.7.1)
    rspec (3.9.0)
      rspec-core (~> 3.9.0)
      rspec-expectations (~> 3.9.0)
      rspec-mocks (~> 3.9.0)
    rspec-core (3.9.2)
      rspec-support (~> 3.9.3)
    rspec-expectations (3.9.2)
      diff-lcs (>= 1.2.0, < 2.0)
      rspec-support (~> 3.9.0)
    rspec-mocks (3.9.1)
      diff-lcs (>= 1.2.0, < 2.0)
      rspec-support (~> 3.9.0)
    rspec-support (3.9.3)
    rubyzip (2.3.0)
    selenium-webdriver (3.142.7)
      childprocess (>= 0.5, < 4.0)
      rubyzip (>= 1.2.2)
    terminal-table (1.8.0)
      unicode-display_width (~> 1.1, >= 1.1.1)
    unicode-display_width (1.7.0)
    watir (6.17.0)
      regexp_parser (~> 1.2)
      selenium-webdriver (~> 3.6)

PLATFORMS
  ruby

DEPENDENCIES
  nokogiri (~> 1.10.10)
  rspec
  terminal-table (= 1.8.0)
  watir (~> 6.17.0)

BUNDLED WITH
   2.1.4
